GIT
  remote: https://github.com/mcanevet/rspec-puppet-facts.git
  revision: fe21de12108fbab0123bdc4db2365a29ea62f171
  ref: fe21de12108fbab0123bdc4db2365a29ea62f171
  specs:
    rspec-puppet-facts (1.8.0)
      facter
      facterdb (>= 0.3.0)
      json
      mcollective-client
      puppet

GIT
  remote: https://github.com/rodjek/rspec-puppet.git
  revision: eaba657a8e876c8c4a881a6d47df76cfdda62b3f
  ref: eaba657a8e876c8c4a881a6d47df76cfdda62b3f
  specs:
    rspec-puppet (2.5.0)
      rspec

GEM
  remote: https://rubygems.org/
  specs:
    addressable (2.5.2)
      public_suffix (>= 2.0.2, < 4.0)
    ansi (1.5.0)
    ast (2.4.0)
    colored (1.2)
    cri (2.15.2)
      colored (~> 1.2)
    diff-lcs (1.3)
    docile (1.3.1)
    domain_name (0.5.20180417)
      unf (>= 0.0.5, < 1.0.0)
    facter (2.4.6-x64-mingw32)
      ffi (~> 1.9.5)
      win32-dir (~> 0.4.8)
      win32-security (~> 0.2.5)
    facterdb (0.6.0)
      facter
      jgrep
    faraday (0.13.1)
      multipart-post (>= 1.2, < 3)
    faraday_middleware (0.12.2)
      faraday (>= 0.7.4, < 1.0)
    fast_gettext (1.1.2)
    ffi (1.9.25-x64-mingw32)
    gettext (3.2.9)
      locale (>= 2.0.5)
      text (>= 1.3.0)
    gettext-setup (0.30)
      fast_gettext (~> 1.1.0)
      gettext (>= 3.0.2)
      locale
    git (1.5.0)
    hiera (3.5.0)
    hiera-eyaml (2.1.0)
      highline (~> 1.6.19)
      trollop (~> 2.0)
    highline (1.6.21)
    hirb (0.7.3)
    http-cookie (1.0.3)
      domain_name (~> 0.5)
    jaro_winkler (1.5.1)
    jgrep (1.5.0)
    json (2.1.0)
    json-schema (2.8.1)
      addressable (>= 2.4)
    locale (2.1.2)
    log4r (1.1.10)
    mcollective-client (2.12.4)
      json
      stomp
      systemu
    metaclass (0.0.4)
    metadata-json-lint (2.2.0)
      json-schema (~> 2.8)
      spdx-licenses (~> 1.0)
    mime-types (3.2.2)
      mime-types-data (~> 3.2015)
    mime-types-data (3.2018.0812)
    minitar (0.6.1)
    mocha (1.7.0)
      metaclass (~> 0.0.1)
    molinillo (0.6.6)
    multi_json (1.13.1)
    multipart-post (2.0.0)
    net-scp (1.2.1)
      net-ssh (>= 2.6.5)
    net-ssh (5.1.0)
    net-telnet (0.1.1)
    netrc (0.11.0)
    parallel (1.12.1)
    parallel_tests (2.27.1)
      parallel
    parser (2.5.3.0)
      ast (~> 2.4.0)
    powerpack (0.1.2)
    public_suffix (3.0.3)
    puppet (5.0.1-x64-mingw32)
      facter (> 2.0, < 4)
      ffi (~> 1.9.6)
      gettext-setup (>= 0.10, < 1)
      hiera (>= 3.2.1, < 4)
      locale (~> 2.1)
      minitar (~> 0.6.1)
      win32-dir (= 0.4.9)
      win32-process (= 0.7.5)
      win32-security (= 0.2.5)
      win32-service (= 0.8.8)
    puppet-blacksmith (4.1.2)
      rest-client (~> 2.0)
    puppet-lint (2.3.6)
    puppet-syntax (2.4.1)
      rake
    puppet_forge (2.2.9)
      faraday (>= 0.9.0, < 0.14.0)
      faraday_middleware (>= 0.9.0, < 0.13.0)
      gettext-setup (~> 0.11)
      minitar
      semantic_puppet (~> 1.0)
    puppetlabs_spec_helper (2.12.0)
      mocha (~> 1.0)
      puppet-lint (~> 2.0)
      puppet-syntax (~> 2.0)
      rspec-puppet (~> 2.0)
    r10k (3.1.0)
      colored (= 1.2)
      cri (~> 2.15.1)
      gettext-setup (~> 0.24)
      log4r (= 1.1.10)
      multi_json (~> 1.10)
      puppet_forge (~> 2.2.8)
    ra10ke (0.5.0)
      git
      puppet_forge
      r10k
      rake
      semverse (~> 2.0)
      solve
    rainbow (3.0.0)
    rake (12.3.2)
    rest-client (2.0.2-x64-mingw32)
      ffi (~> 1.9)
      http-cookie (>= 1.0.2, < 2.0)
      mime-types (>= 1.16, < 4.0)
      netrc (~> 0.8)
    rspec (3.8.0)
      rspec-core (~> 3.8.0)
      rspec-expectations (~> 3.8.0)
      rspec-mocks (~> 3.8.0)
    rspec-core (3.8.0)
      rspec-support (~> 3.8.0)
    rspec-expectations (3.8.2)
      diff-lcs (>= 1.2.0, < 2.0)
      rspec-support (~> 3.8.0)
    rspec-its (1.2.0)
      rspec-core (>= 3.0.0)
      rspec-expectations (>= 3.0.0)
    rspec-mocks (3.8.0)
      diff-lcs (>= 1.2.0, < 2.0)
      rspec-support (~> 3.8.0)
    rspec-support (3.8.0)
    rubocop (0.62.0)
      jaro_winkler (~> 1.5.1)
      parallel (~> 1.10)
      parser (>= 2.5, != 2.5.1.1)
      powerpack (~> 0.1)
      rainbow (>= 2.2.2, < 4.0)
      ruby-progressbar (~> 1.7)
      unicode-display_width (~> 1.4.0)
    rubocop-rspec (1.31.0)
      rubocop (>= 0.60.0)
    ruby-progressbar (1.10.0)
    semantic_puppet (1.0.2)
    semverse (2.0.0)
    serverspec (2.41.3)
      multi_json
      rspec (~> 3.0)
      rspec-its
      specinfra (~> 2.72)
    sfl (2.3)
    simplecov (0.16.1)
      docile (~> 1.1)
      json (>= 1.8, < 3)
      simplecov-html (~> 0.10.0)
    simplecov-console (0.4.2)
      ansi
      hirb
      simplecov
    simplecov-html (0.10.2)
    solve (4.0.2)
      molinillo (~> 0.6)
      semverse (>= 1.1, < 4.0)
    spdx-licenses (1.2.0)
    specinfra (2.76.6)
      net-scp
      net-ssh (>= 2.7)
      net-telnet (= 0.1.1)
      sfl
    stomp (1.4.8)
    systemu (2.6.5)
    text (1.3.1)
    trollop (2.9.9)
    unf (0.1.4)
      unf_ext
    unf_ext (0.0.7.5-x64-mingw32)
    unicode-display_width (1.4.1)
    win32-dir (0.4.9)
      ffi (>= 1.0.0)
    win32-process (0.7.5)
      ffi (>= 1.0.0)
    win32-security (0.2.5)
      ffi
    win32-service (0.8.8)
      ffi

PLATFORMS
  x64-mingw32

DEPENDENCIES
  facter (= 2.4.6)
  hiera-eyaml (~> 2.1)
  metadata-json-lint
  parallel_tests
  puppet (~> 5.0.0)
  puppet-blacksmith (>= 4.1.2)
  puppet-syntax (>= 2.4.0)
  puppetlabs_spec_helper (>= 2.12.0)
  r10k (>= 2.5.5)
  ra10ke
  rest-client
  rspec-puppet!
  rspec-puppet-facts!
  rubocop
  rubocop-rspec
  semantic_puppet
  serverspec
  simplecov
  simplecov-console

BUNDLED WITH
   1.17.3
